GEM
  remote: http://rubygems.org/
  specs:
    axlsx (2.1.0.pre)
      htmlentities (~> 4.3.1)
      nokogiri (>= 1.4.1)
      rubyzip (~> 1.1.7)
    htmlentities (4.3.4)
    mini_portile2 (2.1.0)
    nokogiri (1.6.8.1)
      mini_portile2 (~> 2.1.0)
    ocra (1.3.9)
    roo (2.7.1)
      nokogiri (~> 1)
      rubyzip (~> 1.1, < 2.0.0)
    rubyzip (1.1.7)

PLATFORMS
  ruby

DEPENDENCIES
  axlsx (= 2.1.0.pre)
  nokogiri (= 1.6.8.1)
  ocra
  roo (~> 2.0)

BUNDLED WITH
   1.15.1
